{
	"Modality": "MR",
	"MagneticFieldStrength": 6.98,
	"ImagingFrequency": 297.215,
	"Manufacturer": "Siemens",
	"ManufacturersModelName": "Investigational_Device_7T",
	"InstitutionName": "University_of_Pittsburgh_Medical_Center",
	"InstitutionalDepartmentName": "MR_Research",
	"InstitutionAddress": "5th_Avenue_BST3_3501_Pittsburgh_Pennsylvania_-3EBFA9-_Pittsburgh_Columbus_US_15261",
	"DeviceSerialNumber": "18914",
	"StationName": "MASTER",
	"PatientPosition": "HFS",
	"ProcedureStepDescription": "Tiejun_JREF-Luna",
	"SoftwareVersions": "syngo_MR_B17",
	"MRAcquisitionType": "3D",
	"SeriesDescription": "ep3d_bold_mosaic_REST",
	"ProtocolName": "ep3d_bold_mosaic_REST",
	"ScanningSequence": "EP",
	"SequenceVariant": "SK_SP",
	"ScanOptions": "PFP_FS",
	"SequenceName": "epfid3d1_98",
	"ImageType": ["ORIGINAL", "PRIMARY", "M", "ND", "MOSAIC"],
	"SeriesNumber": 30,
	"AcquisitionTime": "16:49:12.522500",
	"AcquisitionNumber": 1,
	"ImageComments": "Mosaic3D_image",
	"SliceThickness": 2,
	"SpacingBetweenSlices": 2,
	"EchoTime": 0.023,
	"RepetitionTime": 0.052,
	"FlipAngle": 7,
	"PartialFourier": 0.875,
	"BaseResolution": 98,
	"ShimSetting": [
		331,
		-830,
		2475,
		0,
		0,
		0,
		0,
		0	],
	"TxRefAmp": 110,
	"PhaseResolution": 1,
	"VendorReportedEchoSpacing": 0.0009,
	"ReceiveCoilName": "8Tx16RxRRI",
	"CoilString": "C:AC",
	"PulseSequenceDetails": "%CustomerSeq%_ep3d_bold_mosaic",
	"RefLinesPE": 36,
	"PercentPhaseFOV": 100,
	"PercentSampling": 100,
	"PhaseEncodingSteps": 86,
	"AcquisitionMatrixPE": 98,
	"ReconMatrixPE": 98,
	"BandwidthPerPixelPhaseEncode": 34.014,
	"ParallelReductionFactorInPlane": 3,
	"EffectiveEchoSpacing": 0.000299997,
	"DerivedVendorReportedEchoSpacing": 0.00089999,
	"TotalReadoutTime": 0.0290997,
	"PixelBandwidth": 1276,
	"DwellTime": 4e-06,
	"ImageOrientationPatientDICOM": [
		1,
		0,
		0,
		0,
		0.960294,
		-0.278991	],
	"InPlanePhaseEncodingDirectionDICOM": "COL",
	"ConversionSoftware": "dcm2niix",
	"ConversionSoftwareVersion": "v1.0.20200427"
}
